GEM
  remote: https://gems.ruby-china.org/
  specs:
    em-hiredis (0.3.1)
      eventmachine (~> 1.0)
      hiredis (~> 0.6.0)
    em-midori (0.4.3)
      midori_http_parser (~> 0.6.1)
      murasaki (~> 0.1)
      mustermann (~> 1.0)
    eventmachine (1.2.5)
    hiredis (0.6.1)
    midori_http_parser (0.6.1.3)
    murasaki (0.1.0)
      nio4r (~> 2.0)
    mustermann (1.0.1)
    nio4r (2.1.0)
    redic (1.5.0)
      hiredis
    redis (3.3.3)

PLATFORMS
  ruby

DEPENDENCIES
  em-hiredis
  em-midori
  eventmachine
  redic
  redis

BUNDLED WITH
   1.15.0
