GEM
  remote: http://gems.ruby-china.org/
  specs:
    daemons (1.2.3)
    eventmachine (1.2.1)
    eventmachine (1.2.1-java)
    faye-websocket (0.10.5)
      eventmachine (>= 0.12.0)
      websocket-driver (>= 0.5.1)
    memory_profiler (0.9.8)
    puma (3.6.2)
    puma (3.6.2-java)
    rack (2.0.3)
    redis (3.3.3)
    ruby-prof (0.16.2)
    stackprof (0.2.10)
    thin (1.7.0)
      daemons (~> 1.0, >= 1.0.9)
      eventmachine (~> 1.0, >= 1.0.4)
      rack (>= 1, < 3)
    websocket-driver (0.6.4)
      websocket-extensions (>= 0.1.0)
    websocket-driver (0.6.4-java)
      websocket-extensions (>= 0.1.0)
    websocket-extensions (0.1.2)

PLATFORMS
  java
  ruby

DEPENDENCIES
  faye-websocket
  memory_profiler
  puma
  redis
  ruby-prof
  stackprof (~> 0.2.7)
  thin

BUNDLED WITH
   1.15.0
