GEM
  remote: http://gems.ruby-china.org/
  specs:
    iodine (0.4.0)
      rack
      rake-compiler (>= 1)
    plezi (0.15.0)
      bundler (~> 1.14)
      iodine (~> 0.4)
      rack (>= 2.0.0)
    rack (2.0.3)
    rake (12.0.0)
    rake-compiler (1.0.4)
      rake
    stackprof (0.2.10)

PLATFORMS
  ruby

DEPENDENCIES
  iodine (= 0.4)
  plezi (= 0.15)
  stackprof

BUNDLED WITH
   1.15.0
